GIT
  remote: git://github.com/igrigorik/em-websocket.git
  revision: 87cd9e9262f6ab178acb5b742452a11d3048d44a
  specs:
    em-websocket (0.3.7)
      addressable (>= 2.1.1)
      eventmachine (>= 0.12.9)

GEM
  remote: http://rubygems.org/
  specs:
    addressable (2.2.7)
    celluloid (0.9.1)
    celluloid-io (0.9.0)
      celluloid (~> 0.9.0)
      nio4r (>= 0.3.1)
    celluloid-zmq (0.9.0)
      celluloid (~> 0.9.0)
      celluloid-io (~> 0.9.0)
      ffi
      ffi-rzmq
    dcell (0.9.0)
      celluloid (~> 0.9.0)
      celluloid-zmq (~> 0.9.0)
      moneta
      redis
      redis-namespace
    eventmachine (0.12.10)
    ffi (1.0.11)
    ffi-rzmq (0.9.3)
      ffi
    moneta (0.6.0)
    nio4r (0.3.3)
    redis (2.2.2)
    redis-namespace (1.1.0)
      redis (< 3.0.0)

PLATFORMS
  ruby

DEPENDENCIES
  celluloid
  celluloid-io
  dcell (= 0.9)
  em-websocket!
